GEM
  remote: https://rubygems.org/
  specs:
    gosu (1.4.3)

PLATFORMS
  ruby

DEPENDENCIES
  gosu

RUBY VERSION
   ruby 3.0.2p107

BUNDLED WITH
   2.2.28
